PATH
  remote: .
  specs:
    xhyve-ruby (0.0.6)

GEM
  remote: https://rubygems.org/
  specs:
    diff-lcs (1.2.5)
    docile (1.1.5)
    ffi (1.9.14)
    json (1.8.3)
    net-ping (1.7.8)
    net-ssh (3.0.1)
    rake (10.4.2)
    rake-compiler (0.9.5)
      rake
    rspec (3.2.0)
      rspec-core (~> 3.2.0)
      rspec-expectations (~> 3.2.0)
      rspec-mocks (~> 3.2.0)
    rspec-core (3.2.3)
      rspec-support (~> 3.2.0)
    rspec-expectations (3.2.1)
      diff-lcs (>= 1.2.0, < 2.0)
      rspec-support (~> 3.2.0)
    rspec-mocks (3.2.1)
      diff-lcs (>= 1.2.0, < 2.0)
      rspec-support (~> 3.2.0)
    rspec-support (3.2.2)
    simplecov (0.10.0)
      docile (~> 1.1.0)
      json (~> 1.8)
      simplecov-html (~> 0.10.0)
    simplecov-html (0.10.0)
    sys-cpu (0.7.2)
      ffi

PLATFORMS
  ruby

DEPENDENCIES
  net-ping (= 1.7.8)
  net-ssh (= 3.0.1)
  rake (= 10.4.2)
  rake-compiler (= 0.9.5)
  rspec (= 3.2.0)
  simplecov (= 0.10.0)
  sys-cpu (>= 0.7.2)
  xhyve-ruby!

BUNDLED WITH
   1.13.6
